GIT
  remote: git@bitbucket.org:onfido/monster.git
  revision: 79404396918c981399dbcdb03aeca69bb9fb2290
  branch: sdk/selenium-bump
  specs:
    monster (0.8.26)
      aws-sdk-s3 (= 1.21.0)
      chronic (= 0.10.2)
      faker (~> 1.8)
      ffi (= 1.9.18)
      gmail (= 0.6.0)
      jsonpath (= 0.7.2)
      nokogiri (~> 1.8)
      parallel (~> 1.12)
      parallel_tests (= 2.24)
      pry-byebug (~> 3.6)
      rake (~> 12.3)
      report_builder (~> 1.4)
      require_all (~> 1.5)
      retries (= 0.0.5)
      rspec-expectations (~> 3.7)
      selenium-webdriver (~> 3.141.0)

GIT
  remote: https://github.com/cristian-m-vasile/cucumber-api.git
  revision: 9ae5c70fedc0ad2ca3491a64e9e210231abe9c58
  specs:
    cucumber-api (0.6.3)
      json-schema (~> 2.5)
      jsonpath (~> 0.5)
      rest-client (~> 1.8)

GIT
  remote: https://github.com/cucumber/cucumber-ruby.git
  revision: 085be6495b1caa6a2bf3f2b0b47f7de531d0a0e9
  ref: 085be64
  specs:
    cucumber (3.0.0.pre.1)
      builder (>= 2.1.2)
      cucumber-core (~> 2.0)
      cucumber-wire (~> 0.0.1)
      diff-lcs (>= 1.1.3)
      gherkin (~> 4.0)
      multi_json (>= 1.7.5, < 2.0)
      multi_test (>= 0.1.2)

GIT
  remote: https://github.com/onfido/browserstack-local-ruby.git
  revision: 2db34ba7e97ed52ded50ec51eaf5df943e615d65
  branch: test/binary-upgrade
  specs:
    browserstack-local (1.3.0)

GEM
  remote: https://rubygems.org/
  specs:
    addressable (2.6.0)
      public_suffix (>= 2.0.2, < 4.0)
    aws-eventstream (1.0.2)
    aws-partitions (1.148.0)
    aws-sdk-core (3.48.3)
      aws-eventstream (~> 1.0, >= 1.0.2)
      aws-partitions (~> 1.0)
      aws-sigv4 (~> 1.1)
      jmespath (~> 1.0)
    aws-sdk-kms (1.16.0)
      aws-sdk-core (~> 3, >= 3.48.2)
      aws-sigv4 (~> 1.1)
    aws-sdk-s3 (1.21.0)
      aws-sdk-core (~> 3, >= 3.26.0)
      aws-sdk-kms (~> 1)
      aws-sigv4 (~> 1.0)
    aws-sigv4 (1.1.0)
      aws-eventstream (~> 1.0, >= 1.0.2)
    backports (3.12.0)
    builder (3.2.3)
    byebug (11.0.1)
    childprocess (0.9.0)
      ffi (~> 1.0, >= 1.0.11)
    chronic (0.10.2)
    coderay (1.1.2)
    concurrent-ruby (1.1.5)
    cucumber-core (2.0.0)
      backports (~> 3.6)
      gherkin (~> 4.0)
    cucumber-wire (0.0.1)
    diff-lcs (1.3)
    domain_name (0.5.20180417)
      unf (>= 0.0.5, < 1.0.0)
    faker (1.9.3)
      i18n (>= 0.7)
    ffi (1.9.18)
    gherkin (4.1.3)
    gmail (0.6.0)
      gmail_xoauth (>= 0.3.0)
      mail (>= 2.2.1)
    gmail_xoauth (0.4.2)
      oauth (>= 0.3.6)
    http-cookie (1.0.3)
      domain_name (~> 0.5)
    i18n (1.6.0)
      concurrent-ruby (~> 1.0)
    jmespath (1.4.0)
    json (2.2.0)
    json-schema (2.8.1)
      addressable (>= 2.4)
    jsonpath (0.7.2)
      multi_json
    mail (2.7.1)
      mini_mime (>= 0.1.1)
    method_source (0.9.2)
    mime-types (2.99.3)
    mini_mime (1.0.1)
    mini_portile2 (2.4.0)
    multi_json (1.13.1)
    multi_test (0.1.2)
    netrc (0.11.0)
    nokogiri (1.10.2)
      mini_portile2 (~> 2.4.0)
    oauth (0.5.4)
    parallel (1.17.0)
    parallel_tests (2.24.0)
      parallel
    pry (0.12.2)
      coderay (~> 1.1.0)
      method_source (~> 0.9.0)
    pry-byebug (3.7.0)
      byebug (~> 11.0)
      pry (~> 0.10)
    public_suffix (3.0.3)
    rake (12.3.2)
    report_builder (1.8)
      json (>= 1.8.1)
    require_all (1.5.0)
    rest-client (1.8.0)
      http-cookie (>= 1.0.2, < 2.0)
      mime-types (>= 1.16, < 3.0)
      netrc (~> 0.7)
    retries (0.0.5)
    rspec-expectations (3.8.2)
      diff-lcs (>= 1.2.0, < 2.0)
      rspec-support (~> 3.8.0)
    rspec-support (3.8.0)
    rubyzip (1.2.2)
    selenium-webdriver (3.141.0)
      childprocess (~> 0.5)
      rubyzip (~> 1.2, >= 1.2.2)
    unf (0.1.4)
      unf_ext
    unf_ext (0.0.7.5)

PLATFORMS
  ruby

DEPENDENCIES
  browserstack-local!
  cucumber!
  cucumber-api!
  monster!
  rake
  selenium-webdriver

BUNDLED WITH
   1.17.3
